PATH
  remote: .
  specs:
    cocoapods-keys (2.1.0)
      dotenv
      osx_keychain

GEM
  remote: https://rubygems.org/
  specs:
    CFPropertyList (2.3.5)
    RubyInline (3.12.4)
      ZenTest (~> 4.3)
    ZenTest (4.11.2)
    activesupport (4.2.9)
      i18n (~> 0.7)
      minitest (~> 5.1)
      thread_safe (~> 0.3, >= 0.3.4)
      tzinfo (~> 1.1)
    ast (2.3.0)
    claide (1.0.2)
    cocoapods (1.0.0.beta.6)
      activesupport (>= 4.0.2)
      claide (>= 1.0.0.beta.3, < 2.0)
      cocoapods-core (= 1.0.0.beta.6)
      cocoapods-deintegrate (>= 1.0.0.beta.1, < 2.0)
      cocoapods-downloader (>= 1.0.0.beta.2, < 2.0)
      cocoapods-plugins (>= 1.0.0.beta.1, < 2.0)
      cocoapods-search (>= 1.0.0.beta.1, < 2.0)
      cocoapods-stats (>= 1.0.0.beta.3, < 2.0)
      cocoapods-trunk (>= 1.0.0.beta.2, < 2.0)
      cocoapods-try (>= 1.0.0.beta.3, < 2.0)
      colored (~> 1.2)
      escape (~> 0.0.4)
      fourflusher (~> 0.3.0)
      molinillo (~> 0.4.4)
      nap (~> 1.0)
      xcodeproj (>= 1.0.0.beta.3, < 2.0)
    cocoapods-core (1.0.0.beta.6)
      activesupport (>= 4.0.2)
      fuzzy_match (~> 2.0.4)
      nap (~> 1.0)
    cocoapods-deintegrate (1.0.1)
    cocoapods-downloader (1.1.3)
    cocoapods-plugins (1.0.0)
      nap
    cocoapods-search (1.0.0)
    cocoapods-stats (1.0.0)
    cocoapods-trunk (1.2.0)
      nap (>= 0.8, < 2.0)
      netrc (= 0.7.8)
    cocoapods-try (1.1.0)
    colored (1.2)
    colored2 (3.1.2)
    diff-lcs (1.3)
    dotenv (2.6.0)
    escape (0.0.4)
    fourflusher (0.3.2)
    fuzzy_match (2.0.4)
    i18n (0.8.4)
    minitest (5.10.2)
    molinillo (0.4.5)
    nanaimo (0.2.3)
    nap (1.1.0)
    netrc (0.7.8)
    osx_keychain (1.0.2)
      RubyInline (~> 3)
    parallel (1.11.2)
    parser (2.4.0.0)
      ast (~> 2.2)
    powerpack (0.1.1)
    rainbow (2.2.2)
      rake
    rake (13.0.1)
    rspec (3.6.0)
      rspec-core (~> 3.6.0)
      rspec-expectations (~> 3.6.0)
      rspec-mocks (~> 3.6.0)
    rspec-core (3.6.0)
      rspec-support (~> 3.6.0)
    rspec-expectations (3.6.0)
      diff-lcs (>= 1.2.0, < 2.0)
      rspec-support (~> 3.6.0)
    rspec-mocks (3.6.0)
      diff-lcs (>= 1.2.0, < 2.0)
      rspec-support (~> 3.6.0)
    rspec-support (3.6.0)
    rubocop (0.49.1)
      parallel (~> 1.10)
      parser (>= 2.3.3.1, < 3.0)
      powerpack (~> 0.1)
      rainbow (>= 1.99.1, < 3.0)
      ruby-progressbar (~> 1.7)
      unicode-display_width (~> 1.0, >= 1.0.1)
    ruby-progressbar (1.8.1)
    thread_safe (0.3.6)
    tzinfo (1.2.3)
      thread_safe (~> 0.1)
    unicode-display_width (1.3.0)
    xcodeproj (1.5.0)
      CFPropertyList (~> 2.3.3)
      claide (>= 1.0.2, < 2.0)
      colored2 (~> 3.1)
      nanaimo (~> 0.2.3)

PLATFORMS
  ruby

DEPENDENCIES
  activesupport (< 5)
  bundler (~> 1.3)
  cocoapods (= 1.0.0.beta.6)
  cocoapods-keys!
  rake
  rspec
  rubocop

BUNDLED WITH
   1.16.4
